PATH
  remote: .
  specs:
    bundix (2.5.0)
      bundler (>= 1.11)

GEM
  remote: https://rubygems.org/
  specs:
    minitest (5.12.2)
    sorbet (0.4.4901)
      sorbet-static (= 0.4.4901)
    sorbet-static (0.4.4901-universal-darwin-14)

PLATFORMS
  ruby

DEPENDENCIES
  bundix!
  minitest (>= 5.0.0)
  sorbet

BUNDLED WITH
   1.17.3
